GEM
  remote: http://rubygems.org/
  specs:
    actionmailer (2.3.11)
      actionpack (= 2.3.11)
    actionpack (2.3.11)
      activesupport (= 2.3.11)
      rack (~> 1.1.0)
    activerecord (2.3.11)
      activesupport (= 2.3.11)
    activeresource (2.3.11)
      activesupport (= 2.3.11)
    activesupport (2.3.11)
    addressable (2.2.4)
    amqp (0.7.0)
      eventmachine (>= 0.12.4)
    bson (1.2.4)
    bson_ext (1.2.4)
    em-websocket (0.2.1)
      addressable (>= 2.1.1)
      eventmachine (>= 0.12.9)
    eventmachine (0.12.10)
    json (1.5.1)
    logjam_logger (1.1.3)
    mongo (1.2.4)
      bson (>= 1.2.4)
    mongo_ext (0.19.3)
    rack (1.1.1)
    rails (2.3.11)
      actionmailer (= 2.3.11)
      actionpack (= 2.3.11)
      activerecord (= 2.3.11)
      activeresource (= 2.3.11)
      activesupport (= 2.3.11)
      rake (>= 0.8.3)
    rake (0.8.7)

PLATFORMS
  ruby

DEPENDENCIES
  amqp
  bson_ext
  em-websocket
  eventmachine
  json
  logjam_logger
  mongo
  mongo_ext
  rails (= 2.3.11)
  rake
