GEM
  remote: http://rubygems.org/
  specs:
    abstract (1.0.0)
    actionmailer (3.0.11)
      actionpack (= 3.0.11)
      mail (~> 2.2.19)
    actionpack (3.0.11)
      activemodel (= 3.0.11)
      activesupport (= 3.0.11)
      builder (~> 2.1.2)
      erubis (~> 2.6.6)
      i18n (~> 0.5.0)
      rack (~> 1.2.1)
      rack-mount (~> 0.6.14)
      rack-test (~> 0.5.7)
      tzinfo (~> 0.3.23)
    activemodel (3.0.11)
      activesupport (= 3.0.11)
      builder (~> 2.1.2)
      i18n (~> 0.5.0)
    activerecord (3.0.11)
      activemodel (= 3.0.11)
      activesupport (= 3.0.11)
      arel (~> 2.0.10)
      tzinfo (~> 0.3.23)
    activeresource (3.0.11)
      activemodel (= 3.0.11)
      activesupport (= 3.0.11)
    activesupport (3.0.11)
    addressable (2.2.6)
    amq-client (0.8.7)
      amq-protocol (>= 0.8.4)
      eventmachine
    amq-protocol (0.8.4)
    amqp (0.8.4)
      amq-client (~> 0.8.7)
      amq-protocol (~> 0.8.4)
      eventmachine
    ansi (1.4.1)
    archive-tar-minitar (0.5.2)
    arel (2.0.10)
    bson (1.4.0)
    bson_ext (1.4.0)
    builder (2.1.2)
    capistrano (2.9.0)
      highline
      net-scp (>= 1.0.0)
      net-sftp (>= 2.0.0)
      net-ssh (>= 2.0.14)
      net-ssh-gateway (>= 1.1.0)
    columnize (0.3.6)
    em-websocket (0.3.6)
      addressable (>= 2.1.1)
      eventmachine (>= 0.12.9)
    erubis (2.6.6)
      abstract (>= 1.0.0)
    eventmachine (0.12.10)
    gc_hacks (0.0.2)
    highline (1.6.11)
    i18n (0.5.0)
    json (1.6.5)
    linecache19 (0.5.12)
      ruby_core_source (>= 0.1.4)
    logjam_agent (0.3.6)
      activesupport
      time_bandits (>= 0.1.1)
      uuid4r
    mail (2.2.19)
      activesupport (>= 2.3.6)
      i18n (>= 0.4.0)
      mime-types (~> 1.16)
      treetop (~> 1.4.8)
    mime-types (1.17.2)
    mongo (1.4.0)
      bson (= 1.4.0)
    net-scp (1.0.4)
      net-ssh (>= 1.99.1)
    net-sftp (2.0.5)
      net-ssh (>= 2.0.9)
    net-ssh (2.3.0)
    net-ssh-gateway (1.1.0)
      net-ssh (>= 1.99.1)
    polyglot (0.3.3)
    rack (1.2.5)
    rack-mount (0.6.14)
      rack (>= 1.0.0)
    rack-test (0.5.7)
      rack (>= 1.0)
    rails (3.0.11)
      actionmailer (= 3.0.11)
      actionpack (= 3.0.11)
      activerecord (= 3.0.11)
      activeresource (= 3.0.11)
      activesupport (= 3.0.11)
      bundler (~> 1.0)
      railties (= 3.0.11)
    railties (3.0.11)
      actionpack (= 3.0.11)
      activesupport (= 3.0.11)
      rake (>= 0.8.7)
      rdoc (~> 3.4)
      thor (~> 0.14.4)
    rake (0.9.2.2)
    rdoc (3.12)
      json (~> 1.4)
    ruby-debug-base19 (0.11.25)
      columnize (>= 0.3.1)
      linecache19 (>= 0.5.11)
      ruby_core_source (>= 0.1.4)
    ruby-debug19 (0.11.6)
      columnize (>= 0.3.1)
      linecache19 (>= 0.5.11)
      ruby-debug-base19 (>= 0.11.19)
    ruby-prof (0.10.8)
    ruby_core_source (0.1.5)
      archive-tar-minitar (>= 0.5.2)
    thor (0.14.6)
    time_bandits (0.1.1)
      activesupport (>= 2.3.2)
    treetop (1.4.10)
      polyglot
      polyglot (>= 0.3.1)
    turn (0.8.3)
      ansi
    tzinfo (0.3.31)
    uuid4r (0.1.2)
    wirble (0.1.3)

PLATFORMS
  ruby

DEPENDENCIES
  amqp (~> 0.8.0)
  bson_ext (~> 1.4.0)
  capistrano
  em-websocket (~> 0.3.5)
  eventmachine
  gc_hacks
  json
  logjam_agent (~> 0.3.2)
  mongo (~> 1.4.0)
  rails (~> 3.0.0)
  rake
  ruby-debug19
  ruby-prof
  time_bandits (>= 0.1.1)
  turn
  wirble
